GEM
  remote: https://rubygems.org/
  specs:
    CFPropertyList (2.2.8)
    activemodel (4.2.5)
      activesupport (= 4.2.5)
      builder (~> 3.1)
    activesupport (4.2.5)
      i18n (~> 0.7)
      json (~> 1.7, >= 1.7.7)
      minitest (~> 5.1)
      thread_safe (~> 0.3, >= 0.3.4)
      tzinfo (~> 1.1)
    aws-sdk (2.2.4)
      aws-sdk-resources (= 2.2.4)
    aws-sdk-core (2.2.4)
      jmespath (~> 1.0)
    aws-sdk-resources (2.2.4)
      aws-sdk-core (= 2.2.4)
    bintray_deploy (0.0.4)
      configuration
      rest-client
      thor
    builder (3.2.2)
    configuration (1.3.4)
    diff-lcs (1.2.5)
    domain_name (0.5.25)
      unf (>= 0.0.5, < 1.0.0)
    facter (2.4.4)
      CFPropertyList (~> 2.2.6)
    faraday (0.9.2)
      multipart-post (>= 1.2, < 3)
    git (1.2.9.1)
    git_clone_url (2.0.0)
      uri-ssh_git (>= 2.0)
    gruff (0.6.0)
      rmagick (>= 2.13.4)
    her (0.6.8)
      activemodel (>= 3.0.0)
      activesupport (>= 3.0.0)
      faraday (~> 0.8)
      multi_json (~> 1.7)
    hiera (1.3.4)
      json_pure
    http-cookie (1.0.2)
      domain_name (~> 0.5)
    i18n (0.7.0)
    jmespath (1.1.3)
    json (1.8.3)
    json_pure (1.8.3)
    librarian-puppet (2.2.1)
      librarianp (>= 0.6.3)
      puppet_forge (~> 1.0)
      rsync
    librarianp (0.6.3)
      thor (~> 0.15)
    metaclass (0.0.4)
    mime-types (2.99)
    minitest (5.8.3)
    mocha (1.1.0)
      metaclass (~> 0.0.1)
    multi_json (1.11.2)
    multipart-post (2.0.0)
    net-ping (1.7.8)
    net-scp (1.2.1)
      net-ssh (>= 2.6.5)
    net-ssh (2.9.2)
    net-telnet (0.1.1)
    netrc (0.11.0)
    opskeleton (0.9.8)
      aws-sdk (~> 2)
      bintray_deploy
      git
      git_clone_url
      net-scp
      thor
    puppet (3.8.2)
      facter (> 1.6, < 3)
      hiera (~> 1.0)
      json_pure
    puppet-lint (1.1.0)
    puppet-syntax (2.0.0)
      rake
    puppet_forge (1.0.5)
      her (~> 0.6.8)
    puppetlabs_spec_helper (1.0.1)
      mocha
      puppet-lint
      puppet-syntax
      rake
      rspec-puppet
    rake (10.4.2)
    rest-client (1.8.0)
      http-cookie (>= 1.0.2, < 2.0)
      mime-types (>= 1.16, < 3.0)
      netrc (~> 0.7)
    rmagick (2.15.4)
    rspec (3.4.0)
      rspec-core (~> 3.4.0)
      rspec-expectations (~> 3.4.0)
      rspec-mocks (~> 3.4.0)
    rspec-core (3.4.1)
      rspec-support (~> 3.4.0)
    rspec-expectations (3.4.0)
      diff-lcs (>= 1.2.0, < 2.0)
      rspec-support (~> 3.4.0)
    rspec-its (1.2.0)
      rspec-core (>= 3.0.0)
      rspec-expectations (>= 3.0.0)
    rspec-mocks (3.4.0)
      diff-lcs (>= 1.2.0, < 2.0)
      rspec-support (~> 3.4.0)
    rspec-puppet (2.2.0)
      rspec
    rspec-support (3.4.1)
    rsync (1.0.9)
    serverspec (2.24.3)
      multi_json
      rspec (~> 3.0)
      rspec-its
      specinfra (~> 2.43)
    sfl (2.2)
    specinfra (2.44.6)
      net-scp
      net-ssh (~> 2.7)
      net-telnet
      sfl
    thor (0.19.1)
    thread_safe (0.3.5)
    tzinfo (1.2.2)
      thread_safe (~> 0.1)
    unf (0.1.4)
      unf_ext
    unf_ext (0.0.7.1)
    uri-ssh_git (2.0.0)

PLATFORMS
  ruby

DEPENDENCIES
  gruff
  librarian-puppet
  net-ping
  opskeleton
  puppet (= 3.8.2)
  puppet-lint
  puppetlabs_spec_helper (>= 0.1.0)
  rake
  rspec-puppet
  serverspec

BUNDLED WITH
   1.10.5
