GEM
  remote: https://rubygems.org/
  specs:
    facter (1.7.0)
    hiera (1.2.1)
      json_pure
    json (1.7.7)
    json_pure (1.7.7)
    librarian-puppet (0.9.9)
      json
      thor (~> 0.15)
    puppet (3.1.1)
      facter (~> 1.6)
      hiera (~> 1.0)
    puppet-lint (0.3.2)
    rake (0.9.2.2)
    thor (0.18.1)

PLATFORMS
  ruby

DEPENDENCIES
  librarian-puppet
  puppet
  puppet-lint
  rake (= 0.9.2.2)
